GIT
  remote: https://github.com/livingsocial/rake-pipeline.git
  revision: 543f4322fe70facee9572d29ddabf7f090dad68a
  specs:
    rake-pipeline (0.6.0)
      rake (~> 0.9.0)
      thor

GIT
  remote: https://github.com/wycats/rake-pipeline-web-filters.git
  revision: 81a22fb0808dfdeab8ed92d5d8c898ad198b9938
  specs:
    rake-pipeline-web-filters (0.6.0)
      rack
      rake-pipeline (~> 0.6)

GEM
  remote: http://rubygems.org/
  specs:
    colored (1.2)
    execjs (1.4.0)
      multi_json (~> 1.0)
    json (1.7.3)
    libv8 (3.3.10.4)
    multi_json (1.3.5)
    rack (1.4.1)
    rake (0.9.2.2)
    therubyracer (0.10.1)
      libv8 (~> 3.3.10)
    thor (0.15.2)
    uglifier (1.0.4)
      execjs (>= 0.3.0)
      multi_json (>= 1.0.2)

PLATFORMS
  ruby

DEPENDENCIES
  colored
  json
  rack
  rake-pipeline!
  rake-pipeline-web-filters!
  therubyracer
  uglifier (~> 1.0.3)
